GEM
  remote: https://rubygems.org/
  specs:
    mustermann (1.0.3)
    rack (2.2.2)
    rack-protection (2.0.5)
      rack
    sass (3.4.13)
    sinatra (2.0.5)
      mustermann (~> 1.0)
      rack (~> 2.0)
      rack-protection (= 2.0.5)
      tilt (~> 2.0)
    tilt (2.0.9)

PLATFORMS
  ruby

DEPENDENCIES
  sass
  sinatra (= 2.0.5)

RUBY VERSION
   ruby 2.4.0p0

BUNDLED WITH
   1.13.7
